STORAGE: NONE
STRATEGY: MIN
LOWEST_MATCHING: TRUE
RESTRICTION: || (== net6.0) (== net7.0)
NUGET
  remote: https://api.nuget.org/v3/index.json
    Bolero (0.23.52)
      Elmish (>= 4.0.1 < 5.0)
      FSharp.Core (>= 6.0)
      FSharp.SystemTextJson (>= 0.19.13)
      Microsoft.AspNetCore.Components.WebAssembly (>= 6.0 < 7.0) - restriction: == net6.0
      Microsoft.AspNetCore.Components.WebAssembly (>= 7.0 < 8.0) - restriction: || (&& (== net6.0) (>= net7.0)) (== net7.0)
      Microsoft.Extensions.Http (>= 6.0)
      Microsoft.JSInterop.WebAssembly (>= 6.0 < 7.0) - restriction: == net6.0
      Microsoft.JSInterop.WebAssembly (>= 7.0 < 8.0) - restriction: || (&& (== net6.0) (>= net7.0)) (== net7.0)
    Bolero.Server (0.23.52)
      Bolero (0.23.52)
      FSharp.Core (>= 6.0)
      FSharp.SystemTextJson (>= 0.19.13)
    Elmish (4.0.1)
    FSharp.Core (6.0)
    FSharp.SystemTextJson (0.19.13)
      FSharp.Core (>= 4.7)
      System.Text.Json (>= 6.0)
    HtmlAgilityPack (1.11.39)
    Microsoft.AspNetCore.Authorization (7.0) - restriction: || (&& (== net6.0) (>= net7.0)) (== net7.0)
      Microsoft.AspNetCore.Metadata (>= 7.0)
      Microsoft.Extensions.Logging.Abstractions (>= 7.0)
      Microsoft.Extensions.Options (>= 7.0)
    Microsoft.AspNetCore.Components (7.0) - restriction: || (&& (== net6.0) (>= net7.0)) (== net7.0)
      Microsoft.AspNetCore.Authorization (>= 7.0) - restriction: || (&& (== net6.0) (>= net7.0)) (== net7.0)
      Microsoft.AspNetCore.Components.Analyzers (>= 7.0) - restriction: || (&& (== net6.0) (>= net7.0)) (== net7.0)
    Microsoft.AspNetCore.Components.Analyzers (7.0) - restriction: || (&& (== net6.0) (>= net7.0)) (== net7.0)
    Microsoft.AspNetCore.Components.Forms (7.0) - restriction: || (&& (== net6.0) (>= net7.0)) (== net7.0)
      Microsoft.AspNetCore.Components (>= 7.0) - restriction: || (&& (== net6.0) (>= net7.0)) (== net7.0)
    Microsoft.AspNetCore.Components.Web (7.0) - restriction: || (&& (== net6.0) (>= net7.0)) (== net7.0)
      Microsoft.AspNetCore.Components (>= 7.0) - restriction: || (&& (== net6.0) (>= net7.0)) (== net7.0)
      Microsoft.AspNetCore.Components.Forms (>= 7.0) - restriction: || (&& (== net6.0) (>= net7.0)) (== net7.0)
      Microsoft.Extensions.DependencyInjection (>= 7.0) - restriction: || (&& (== net6.0) (>= net7.0)) (== net7.0)
      Microsoft.JSInterop (>= 7.0) - restriction: || (&& (== net6.0) (>= net7.0)) (== net7.0)
      System.IO.Pipelines (>= 7.0) - restriction: || (&& (== net6.0) (>= net7.0)) (== net7.0)
    Microsoft.AspNetCore.Components.WebAssembly (7.0) - restriction: || (&& (== net6.0) (>= net7.0)) (== net7.0)
      Microsoft.AspNetCore.Components.Web (>= 7.0) - restriction: || (&& (== net6.0) (>= net7.0)) (== net7.0)
      Microsoft.Extensions.Configuration.Binder (>= 7.0) - restriction: || (&& (== net6.0) (>= net7.0)) (== net7.0)
      Microsoft.Extensions.Configuration.Json (>= 7.0) - restriction: || (&& (== net6.0) (>= net7.0)) (== net7.0)
      Microsoft.Extensions.Logging (>= 7.0) - restriction: || (&& (== net6.0) (>= net7.0)) (== net7.0)
      Microsoft.JSInterop.WebAssembly (>= 7.0) - restriction: || (&& (== net6.0) (>= net7.0)) (== net7.0)
    Microsoft.AspNetCore.Components.WebAssembly.Server (6.0)
    Microsoft.AspNetCore.Connections.Abstractions (6.0)
      Microsoft.Extensions.Features (>= 6.0)
      System.IO.Pipelines (>= 6.0)
    Microsoft.AspNetCore.Http.Connections.Client (6.0)
      Microsoft.AspNetCore.Http.Connections.Common (>= 6.0)
      Microsoft.Extensions.Logging.Abstractions (>= 6.0)
      Microsoft.Extensions.Options (>= 6.0)
    Microsoft.AspNetCore.Http.Connections.Common (6.0)
      Microsoft.AspNetCore.Connections.Abstractions (>= 6.0)
    Microsoft.AspNetCore.Metadata (7.0) - restriction: || (&& (== net6.0) (>= net7.0)) (== net7.0)
    Microsoft.AspNetCore.SignalR.Client (6.0)
      Microsoft.AspNetCore.Http.Connections.Client (>= 6.0)
      Microsoft.AspNetCore.SignalR.Client.Core (>= 6.0)
    Microsoft.AspNetCore.SignalR.Client.Core (6.0)
      Microsoft.AspNetCore.SignalR.Common (>= 6.0)
      Microsoft.AspNetCore.SignalR.Protocols.Json (>= 6.0)
      Microsoft.Extensions.DependencyInjection (>= 6.0)
      Microsoft.Extensions.Logging (>= 6.0)
      System.Threading.Channels (>= 6.0)
    Microsoft.AspNetCore.SignalR.Common (6.0)
      Microsoft.AspNetCore.Connections.Abstractions (>= 6.0)
      Microsoft.Extensions.Options (>= 6.0)
    Microsoft.AspNetCore.SignalR.Protocols.Json (6.0)
      Microsoft.AspNetCore.SignalR.Common (>= 6.0)
    Microsoft.Extensions.Configuration (7.0) - restriction: || (&& (== net6.0) (>= net7.0)) (== net7.0)
      Microsoft.Extensions.Configuration.Abstractions (>= 7.0)
      Microsoft.Extensions.Primitives (>= 7.0)
    Microsoft.Extensions.Configuration.Abstractions (7.0) - restriction: || (&& (== net6.0) (>= net7.0)) (== net7.0)
      Microsoft.Extensions.Primitives (>= 7.0)
    Microsoft.Extensions.Configuration.Binder (7.0) - restriction: || (&& (== net6.0) (>= net7.0)) (== net7.0)
      Microsoft.Extensions.Configuration.Abstractions (>= 7.0)
    Microsoft.Extensions.Configuration.FileExtensions (7.0) - restriction: || (&& (== net6.0) (>= net7.0)) (== net7.0)
      Microsoft.Extensions.Configuration (>= 7.0)
      Microsoft.Extensions.Configuration.Abstractions (>= 7.0)
      Microsoft.Extensions.FileProviders.Abstractions (>= 7.0)
      Microsoft.Extensions.FileProviders.Physical (>= 7.0)
      Microsoft.Extensions.Primitives (>= 7.0)
    Microsoft.Extensions.Configuration.Json (7.0) - restriction: || (&& (== net6.0) (>= net7.0)) (== net7.0)
      Microsoft.Extensions.Configuration (>= 7.0)
      Microsoft.Extensions.Configuration.Abstractions (>= 7.0)
      Microsoft.Extensions.Configuration.FileExtensions (>= 7.0)
      Microsoft.Extensions.FileProviders.Abstractions (>= 7.0)
      System.Text.Json (>= 7.0)
    Microsoft.Extensions.DependencyInjection (7.0)
      Microsoft.Extensions.DependencyInjection.Abstractions (>= 7.0)
    Microsoft.Extensions.DependencyInjection.Abstractions (7.0)
    Microsoft.Extensions.Features (6.0)
    Microsoft.Extensions.FileProviders.Abstractions (7.0) - restriction: || (&& (== net6.0) (>= net7.0)) (== net7.0)
      Microsoft.Extensions.Primitives (>= 7.0)
    Microsoft.Extensions.FileProviders.Physical (7.0) - restriction: || (&& (== net6.0) (>= net7.0)) (== net7.0)
      Microsoft.Extensions.FileProviders.Abstractions (>= 7.0)
      Microsoft.Extensions.FileSystemGlobbing (>= 7.0)
      Microsoft.Extensions.Primitives (>= 7.0)
    Microsoft.Extensions.FileSystemGlobbing (7.0) - restriction: || (&& (== net6.0) (>= net7.0)) (== net7.0)
    Microsoft.Extensions.Http (6.0)
      Microsoft.Extensions.DependencyInjection.Abstractions (>= 6.0)
      Microsoft.Extensions.Logging (>= 6.0)
      Microsoft.Extensions.Logging.Abstractions (>= 6.0)
      Microsoft.Extensions.Options (>= 6.0)
    Microsoft.Extensions.Logging (7.0)
      Microsoft.Extensions.DependencyInjection (>= 7.0)
      Microsoft.Extensions.DependencyInjection.Abstractions (>= 7.0)
      Microsoft.Extensions.Logging.Abstractions (>= 7.0)
      Microsoft.Extensions.Options (>= 7.0)
    Microsoft.Extensions.Logging.Abstractions (7.0)
    Microsoft.Extensions.Options (7.0)
      Microsoft.Extensions.DependencyInjection.Abstractions (>= 7.0)
      Microsoft.Extensions.Primitives (>= 7.0)
    Microsoft.Extensions.Primitives (7.0)
      System.Runtime.CompilerServices.Unsafe (>= 6.0) - restriction: || (== net6.0) (&& (== net7.0) (>= net462)) (&& (== net7.0) (< net6.0))
    Microsoft.JSInterop (7.0) - restriction: || (&& (== net6.0) (>= net7.0)) (== net7.0)
    Microsoft.JSInterop.WebAssembly (7.0) - restriction: || (&& (== net6.0) (>= net7.0)) (== net7.0)
      Microsoft.JSInterop (>= 7.0) - restriction: || (&& (== net6.0) (>= net7.0)) (== net7.0)
    Nerdbank.GitVersioning (3.5.119) - copy_local: true
    System.IO.Pipelines (7.0)
    System.Runtime.CompilerServices.Unsafe (6.0) - restriction: || (== net6.0) (&& (== net7.0) (>= net462)) (&& (== net7.0) (< net6.0))
    System.Text.Encodings.Web (7.0)
      System.Runtime.CompilerServices.Unsafe (>= 6.0) - restriction: || (== net6.0) (&& (== net7.0) (>= net462)) (&& (== net7.0) (< net6.0))
    System.Text.Json (7.0)
      System.Runtime.CompilerServices.Unsafe (>= 6.0) - restriction: || (== net6.0) (&& (== net7.0) (>= net462)) (&& (== net7.0) (< net6.0))
      System.Text.Encodings.Web (>= 7.0)
    System.Threading.Channels (6.0)
GITHUB
  remote: fsbolero/bolero
    .build/Utility.fs (93c20baf097d7928cb50559954e510889593e8a6)
    src/Bolero.Templating.Provider/Parsing.fs (93c20baf097d7928cb50559954e510889593e8a6)
    src/Bolero.Templating.Provider/Path.fs (93c20baf097d7928cb50559954e510889593e8a6)